GEM
  remote: https://rubygems.org/
  specs:
    daemons (1.1.9)
    em-websocket (0.5.0)
      eventmachine (>= 0.12.9)
      http_parser.rb (~> 0.5.3)
    em-websocket-client (0.1.2)
      eventmachine
      websocket
    eventmachine (1.0.3)
    http_parser.rb (0.5.3)
    json (1.8.1)
    rack (1.5.2)
    rubyzip (1.3.0)
    thin (1.6.2)
      daemons (>= 1.0.9)
      eventmachine (>= 1.0.0)
      rack (>= 1.0.0)
    websocket (1.1.2)

PLATFORMS
  ruby

DEPENDENCIES
  em-websocket
  em-websocket-client
  json
  rubyzip
  thin
